PATH
  remote: .
  specs:
    calabash-android (0.4.19.pre4)
      awesome_print
      cucumber
      escape (~> 0.0.4)
      httpclient (~> 2.3.2)
      json
      retriable (~> 1.3.3.1)
      rubyzip (~> 0.9.9)
      slowhandcuke
      xamarin-test-cloud (>= 0.9.23)

GEM
  remote: http://rubygems.org/
  specs:
    awesome_print (1.2.0)
    builder (3.2.2)
    cucumber (1.3.10)
      builder (>= 2.1.2)
      diff-lcs (>= 1.1.3)
      gherkin (~> 2.12)
      multi_json (>= 1.7.5, < 2.0)
      multi_test (>= 0.0.2)
    diff-lcs (1.2.5)
    escape (0.0.4)
    gherkin (2.12.2)
      multi_json (~> 1.3)
    httpclient (2.3.4.1)
    json (1.8.1)
    mime-types (2.0)
    multi_json (1.8.2)
    multi_test (0.0.3)
    rake (10.1.0)
    rest-client (1.6.7)
      mime-types (>= 1.16)
    retriable (1.3.3.1)
    rubyzip (0.9.9)
    slowhandcuke (0.0.3)
      cucumber
    thor (0.18.1)
    xamarin-test-cloud (0.9.27)
      bundler (>= 1.3.0, < 2.0)
      json
      rest-client (~> 1.6.7)
      retriable (~> 1.3.3.1)
      rubyzip (~> 0.9.9)
      thor (>= 0.18.1)

PLATFORMS
  ruby

DEPENDENCIES
  calabash-android!
  rake (= 10.1.0)
